PATH
  remote: .
  specs:
    avatax (0.0.1)
      addressable (~> 2.3)
      json (~> 1.8)
      rest-client (~> 1.6)

GEM
  remote: https://rubygems.org/
  specs:
    addressable (2.3.6)
    json (1.8.1)
    mime-types (2.0)
    rest-client (1.6.7)
      mime-types (>= 1.16)

PLATFORMS
  ruby

DEPENDENCIES
  avatax!
