GEM
  remote: https://rubygems.org/
  specs:
    addressable (2.3.5)
    json (1.8.0)
    mime-types (2.0)
    rest-client (1.6.7)
      mime-types (>= 1.16)

PLATFORMS
  ruby

DEPENDENCIES
  addressable
  json
  rest-client
